GEM
  remote: https://rubygems.org/
  specs:
    ansi (1.5.0)
    hashie (3.4.3)
    itamae (1.9.2)
      ansi
      hashie
      schash (~> 0.1.0)
      specinfra (>= 2.37.0, < 3.0.0)
      thor
    net-scp (1.2.1)
      net-ssh (>= 2.6.5)
    net-ssh (3.0.2)
    net-telnet (0.1.1)
    reversible_cryptography (0.4.0)
      thor
    schash (0.1.2)
    sfl (2.2)
    specinfra (2.50.3)
      net-scp
      net-ssh (>= 2.7, < 3.1)
      net-telnet
      sfl
    thor (0.19.1)

PLATFORMS
  ruby

DEPENDENCIES
  itamae
  reversible_cryptography

BUNDLED WITH
   1.11.2
